GEM
  remote: https://rubygems.org/
  specs:
    actioncable (6.1.4.4)
      actionpack (= 6.1.4.4)
      activesupport (= 6.1.4.4)
      nio4r (~> 2.0)
      websocket-driver (>= 0.6.1)
    actionmailbox (6.1.4.4)
      actionpack (= 6.1.4.4)
      activejob (= 6.1.4.4)
      activerecord (= 6.1.4.4)
      activestorage (= 6.1.4.4)
      activesupport (= 6.1.4.4)
      mail (>= 2.7.1)
    actionmailer (6.1.4.4)
      actionpack (= 6.1.4.4)
      actionview (= 6.1.4.4)
      activejob (= 6.1.4.4)
      activesupport (= 6.1.4.4)
      mail (~> 2.5, >= 2.5.4)
      rails-dom-testing (~> 2.0)
    actionpack (6.1.4.4)
      actionview (= 6.1.4.4)
      activesupport (= 6.1.4.4)
      rack (~> 2.0, >= 2.0.9)
      rack-test (>= 0.6.3)
      rails-dom-testing (~> 2.0)
      rails-html-sanitizer (~> 1.0, >= 1.2.0)
    actiontext (6.1.4.4)
      actionpack (= 6.1.4.4)
      activerecord (= 6.1.4.4)
      activestorage (= 6.1.4.4)
      activesupport (= 6.1.4.4)
      nokogiri (>= 1.8.5)
    actionview (6.1.4.4)
      activesupport (= 6.1.4.4)
      builder (~> 3.1)
      erubi (~> 1.4)
      rails-dom-testing (~> 2.0)
      rails-html-sanitizer (~> 1.1, >= 1.2.0)
    active_storage_base64 (1.2.0)
      rails (~> 6.1)
    active_storage_validations (0.9.2)
      rails (>= 5.2.0)
    activeadmin (2.9.0)
      arbre (~> 1.2, >= 1.2.1)
      formtastic (>= 3.1, < 5.0)
      formtastic_i18n (~> 0.4)
      inherited_resources (~> 1.7)
      jquery-rails (~> 4.2)
      kaminari (~> 1.0, >= 1.2.1)
      railties (>= 5.2, < 6.2)
      ransack (~> 2.1, >= 2.1.1)
    activejob (6.1.4.4)
      activesupport (= 6.1.4.4)
      globalid (>= 0.3.6)
    activemodel (6.1.4.4)
      activesupport (= 6.1.4.4)
    activerecord (6.1.4.4)
      activemodel (= 6.1.4.4)
      activesupport (= 6.1.4.4)
    activestorage (6.1.4.4)
      actionpack (= 6.1.4.4)
      activejob (= 6.1.4.4)
      activerecord (= 6.1.4.4)
      activesupport (= 6.1.4.4)
      marcel (~> 1.0.0)
      mini_mime (>= 1.1.0)
    activesupport (6.1.4.4)
      concurrent-ruby (~> 1.0, >= 1.0.2)
      i18n (>= 1.6, < 2)
      minitest (>= 5.1)
      tzinfo (~> 2.0)
      zeitwerk (~> 2.3)
    addressable (2.8.0)
      public_suffix (>= 2.0.2, < 5.0)
    arbre (1.4.0)
      activesupport (>= 3.0.0, < 6.2)
      ruby2_keywords (>= 0.0.2, < 1.0)
    ast (2.4.2)
    aws-eventstream (1.1.0)
    aws-partitions (1.427.0)
    aws-sdk-cognitoidentityprovider (1.49.0)
      aws-sdk-core (~> 3, >= 3.112.0)
      aws-sigv4 (~> 1.1)
    aws-sdk-core (3.112.0)
      aws-eventstream (~> 1, >= 1.0.2)
      aws-partitions (~> 1, >= 1.239.0)
      aws-sigv4 (~> 1.1)
      jmespath (~> 1.0)
    aws-sdk-kms (1.44.0)
      aws-sdk-core (~> 3, >= 3.112.0)
      aws-sigv4 (~> 1.1)
    aws-sdk-s3 (1.96.2)
      aws-sdk-core (~> 3, >= 3.112.0)
      aws-sdk-kms (~> 1)
      aws-sigv4 (~> 1.1)
    aws-sigv4 (1.2.2)
      aws-eventstream (~> 1, >= 1.0.2)
    bcrypt (3.1.16)
    bootsnap (1.7.2)
      msgpack (~> 1.0)
    builder (3.2.4)
    byebug (11.1.3)
    concurrent-ruby (1.1.9)
    crass (1.0.6)
    devise (4.7.3)
      bcrypt (~> 3.0)
      orm_adapter (~> 0.1)
      railties (>= 4.1.0)
      responders
      warden (~> 1.2.3)
    diff-lcs (1.4.4)
    erubi (1.10.0)
    factory_bot (6.1.0)
      activesupport (>= 5.0.0)
    factory_bot_rails (6.1.0)
      factory_bot (~> 6.1.0)
      railties (>= 5.0.0)
    faker (2.16.0)
      i18n (>= 1.6, < 2)
    faraday (1.3.0)
      faraday-net_http (~> 1.0)
      multipart-post (>= 1.2, < 3)
      ruby2_keywords
    faraday-net_http (1.0.1)
    ffi (1.14.2)
    formtastic (4.0.0)
      actionpack (>= 5.2.0)
    formtastic_i18n (0.6.0)
    globalid (1.0.0)
      activesupport (>= 5.0)
    has_scope (0.8.0)
      actionpack (>= 5.2)
      activesupport (>= 5.2)
    i18n (1.8.11)
      concurrent-ruby (~> 1.0)
    inherited_resources (1.12.0)
      actionpack (>= 5.2, < 6.2)
      has_scope (~> 0.6)
      railties (>= 5.2, < 6.2)
      responders (>= 2, < 4)
    jbuilder (2.11.2)
      activesupport (>= 5.0.0)
    jmespath (1.4.0)
    jquery-rails (4.4.0)
      rails-dom-testing (>= 1, < 3)
      railties (>= 4.2.0)
      thor (>= 0.14, < 2.0)
    jwt (2.2.2)
    kaminari (1.2.1)
      activesupport (>= 4.1.0)
      kaminari-actionview (= 1.2.1)
      kaminari-activerecord (= 1.2.1)
      kaminari-core (= 1.2.1)
    kaminari-actionview (1.2.1)
      actionview
      kaminari-core (= 1.2.1)
    kaminari-activerecord (1.2.1)
      activerecord
      kaminari-core (= 1.2.1)
    kaminari-core (1.2.1)
    launchy (2.5.0)
      addressable (~> 2.7)
    letter_opener (1.7.0)
      launchy (~> 2.2)
    letter_opener_web (1.4.0)
      actionmailer (>= 3.2)
      letter_opener (~> 1.0)
      railties (>= 3.2)
    listen (3.4.1)
      rb-fsevent (~> 0.10, >= 0.10.3)
      rb-inotify (~> 0.9, >= 0.9.10)
    loofah (2.13.0)
      crass (~> 1.0.2)
      nokogiri (>= 1.5.9)
    mail (2.7.1)
      mini_mime (>= 0.1.1)
    marcel (1.0.2)
    method_source (1.0.0)
    mini_mime (1.1.2)
    mini_portile2 (2.6.1)
    minitest (5.15.0)
    msgpack (1.4.2)
    multi_json (1.15.0)
    multipart-post (2.1.1)
    nio4r (2.5.8)
    nokogiri (1.12.5)
      mini_portile2 (~> 2.6.1)
      racc (~> 1.4)
    oj (3.11.2)
    olive_branch (3.0.0)
      multi_json
      oj
      rails (>= 4.0)
    orm_adapter (0.5.0)
    parallel (1.20.1)
    parser (3.0.0.0)
      ast (~> 2.4.1)
    paypal-checkout-sdk (1.0.4)
      paypalhttp (~> 1.0.1)
    paypalhttp (1.0.1)
    pdf-core (0.9.0)
    pg (1.2.3)
    prawn (2.4.0)
      pdf-core (~> 0.9.0)
      ttfunk (~> 1.7)
    prawn-table (0.2.2)
      prawn (>= 1.3.0, < 3.0.0)
    public_suffix (4.0.6)
    puma (5.5.2)
      nio4r (~> 2.0)
    racc (1.6.0)
    rack (2.2.3)
    rack-attack (6.6.0)
      rack (>= 1.0, < 3)
    rack-cors (1.1.1)
      rack (>= 2.0.0)
    rack-test (1.1.0)
      rack (>= 1.0, < 3)
    rails (6.1.4.4)
      actioncable (= 6.1.4.4)
      actionmailbox (= 6.1.4.4)
      actionmailer (= 6.1.4.4)
      actionpack (= 6.1.4.4)
      actiontext (= 6.1.4.4)
      actionview (= 6.1.4.4)
      activejob (= 6.1.4.4)
      activemodel (= 6.1.4.4)
      activerecord (= 6.1.4.4)
      activestorage (= 6.1.4.4)
      activesupport (= 6.1.4.4)
      bundler (>= 1.15.0)
      railties (= 6.1.4.4)
      sprockets-rails (>= 2.0.0)
    rails-dom-testing (2.0.3)
      activesupport (>= 4.2.0)
      nokogiri (>= 1.6)
    rails-html-sanitizer (1.4.2)
      loofah (~> 2.3)
    railties (6.1.4.4)
      actionpack (= 6.1.4.4)
      activesupport (= 6.1.4.4)
      method_source
      rake (>= 0.13)
      thor (~> 1.0)
    rainbow (3.0.0)
    rake (13.0.6)
    ransack (2.4.2)
      activerecord (>= 5.2.4)
      activesupport (>= 5.2.4)
      i18n
    rb-fsevent (0.10.4)
    rb-inotify (0.10.1)
      ffi (~> 1.0)
    regexp_parser (2.0.3)
    responders (3.0.1)
      actionpack (>= 5.0)
      railties (>= 5.0)
    rexml (3.2.5)
    rollbar (3.3.0)
    rspec-core (3.10.1)
      rspec-support (~> 3.10.0)
    rspec-expectations (3.10.1)
      diff-lcs (>= 1.2.0, < 2.0)
      rspec-support (~> 3.10.0)
    rspec-mocks (3.10.2)
      diff-lcs (>= 1.2.0, < 2.0)
      rspec-support (~> 3.10.0)
    rspec-rails (4.0.2)
      actionpack (>= 4.2)
      activesupport (>= 4.2)
      railties (>= 4.2)
      rspec-core (~> 3.10)
      rspec-expectations (~> 3.10)
      rspec-mocks (~> 3.10)
      rspec-support (~> 3.10)
    rspec-support (3.10.2)
    rubocop (1.10.0)
      parallel (~> 1.10)
      parser (>= 3.0.0.0)
      rainbow (>= 2.2.2, < 4.0)
      regexp_parser (>= 1.8, < 3.0)
      rexml
      rubocop-ast (>= 1.2.0, < 2.0)
      ruby-progressbar (~> 1.7)
      unicode-display_width (>= 1.4.0, < 3.0)
    rubocop-ast (1.4.1)
      parser (>= 2.7.1.5)
    rubocop-rails (2.9.1)
      activesupport (>= 4.2.0)
      rack (>= 1.1)
      rubocop (>= 0.90.0, < 2.0)
    rubocop-rspec (2.2.0)
      rubocop (~> 1.0)
      rubocop-ast (>= 1.1.0)
    ruby-progressbar (1.11.0)
    ruby2_keywords (0.0.4)
    sass-rails (6.0.0)
      sassc-rails (~> 2.1, >= 2.1.1)
    sassc (2.4.0)
      ffi (~> 1.9)
    sassc-rails (2.1.2)
      railties (>= 4.0.0)
      sassc (>= 2.0)
      sprockets (> 3.0)
      sprockets-rails
      tilt
    scoped_search (4.1.9)
      activerecord (>= 4.2.0)
    shoulda-matchers (4.1.2)
      activesupport (>= 4.2.0)
    spring (2.1.1)
    spring-watcher-listen (2.0.1)
      listen (>= 2.7, < 4.0)
      spring (>= 1.2, < 3.0)
    sprockets (4.0.2)
      concurrent-ruby (~> 1.0)
      rack (> 1, < 3)
    sprockets-rails (3.4.2)
      actionpack (>= 5.2)
      activesupport (>= 5.2)
      sprockets (>= 3.0.0)
    thor (1.1.0)
    tilt (2.0.10)
    ttfunk (1.7.0)
    tzinfo (2.0.4)
      concurrent-ruby (~> 1.0)
    unicode-display_width (2.0.0)
    warden (1.2.9)
      rack (>= 2.0.9)
    websocket-driver (0.7.5)
      websocket-extensions (>= 0.1.0)
    websocket-extensions (0.1.5)
    zeitwerk (2.5.2)

PLATFORMS
  ruby

DEPENDENCIES
  active_storage_base64
  active_storage_validations
  activeadmin
  aws-sdk-cognitoidentityprovider (~> 1.42)
  aws-sdk-s3
  bootsnap (>= 1.4.2)
  byebug
  devise
  factory_bot_rails
  faker
  faraday
  jbuilder (~> 2.7)
  jwt
  kaminari
  letter_opener
  letter_opener_web
  listen (~> 3.2)
  olive_branch
  paypal-checkout-sdk
  pg (>= 0.18, < 2.0)
  prawn
  prawn-table (~> 0.2.2)
  puma (~> 5.0)
  rack-attack
  rack-cors
  rails (~> 6.1.2, >= 6.1.2.1)
  rollbar
  rspec-rails (~> 4.0.2)
  rubocop-rails
  rubocop-rspec
  sass-rails
  scoped_search
  shoulda-matchers (= 4.1.2)
  spring
  spring-watcher-listen (~> 2.0.0)

BUNDLED WITH
   2.2.33
